GIT
  remote: git://github.com/blaine/xmpp4r-simple.git
  revision: 92e2cd0002ec3a9a38506527e1a3a2d622408626
  specs:
    xmpp4r-simple (0.8.8)
      xmpp4r (>= 0.3.2)

GEM
  remote: https://rubygems.org/
  specs:
    xmpp4r (0.5.6)

PLATFORMS
  ruby

DEPENDENCIES
  xmpp4r
  xmpp4r-simple!

BUNDLED WITH
   1.11.2
